GEM
  remote: https://rubygems.org/
  specs:
    bcrypt (3.1.13)
    mustermann (1.0.3)
    rack (2.0.7)
    rack-protection (2.0.7)
      rack
    ruby_http_client (3.3.0)
    sendgrid-ruby (6.0.0)
      ruby_http_client (~> 3.3.0)
    sinatra (2.0.7)
      mustermann (~> 1.0)
      rack (~> 2.0)
      rack-protection (= 2.0.7)
      tilt (~> 2.0)
    tilt (2.0.9)

PLATFORMS
  ruby

DEPENDENCIES
  bcrypt
  sendgrid-ruby
  sinatra

BUNDLED WITH
   2.0.2
